GEM
  remote: http://rubygems.org/
  specs:
    google-protobuf (3.19.1-x86_64-darwin)
    googleapis-common-protos-types (1.3.0)
      google-protobuf (~> 3.14)
    grpc (1.42.0-x86_64-darwin)
      google-protobuf (~> 3.18)
      googleapis-common-protos-types (~> 1.0)

PLATFORMS
  x86_64-darwin-19

DEPENDENCIES
  grpc

BUNDLED WITH
   2.2.3
